GIT
  remote: git://github.com/FriendlyId/friendly_id.git
  revision: d59c38a868d32dfc3c08d34f26aaf1b78e73664b
  specs:
    friendly_id (4.1.0.beta.2)

GIT
  remote: git://github.com/paulasmuth/recommendify.git
  revision: 34308c41800a0ea9b02842c4cf84e8bcc5dd1f63
  ref: 34308c4
  specs:
    recommendify (0.3.6)
      redis (>= 2.2.2)

GIT
  remote: git://github.com/ryanb/nested_form.git
  revision: a25eebe8205e4e63899873b716535def6c1f5a9d
  specs:
    nested_form (0.3.2)

GIT
  remote: git://github.com/tsujigiri/mendeley.git
  revision: 79e8b8417c6245a999aa2e46968f16be5c883bbd
  branch: paging_search
  specs:
    mendeley (0.0.3)
      rest-client
      yajl-ruby

GIT
  remote: git://github.com/tsujigiri/sunspot_test.git
  revision: eb70e7cb2a7bc9b57ac892c901cac47a6ab04ad6
  branch: dirty_quickfix
  specs:
    sunspot_test (0.4.0)
      sunspot_rails (>= 1.2.1)

GEM
  remote: http://rubygems.org/
  specs:
    actionmailer (3.2.13)
      actionpack (= 3.2.13)
      mail (~> 2.5.3)
    actionpack (3.2.13)
      activemodel (= 3.2.13)
      activesupport (= 3.2.13)
      builder (~> 3.0.0)
      erubis (~> 2.7.0)
      journey (~> 1.0.4)
      rack (~> 1.4.5)
      rack-cache (~> 1.2)
      rack-test (~> 0.6.1)
      sprockets (~> 2.2.1)
    activemodel (3.2.13)
      activesupport (= 3.2.13)
      builder (~> 3.0.0)
    activerecord (3.2.13)
      activemodel (= 3.2.13)
      activesupport (= 3.2.13)
      arel (~> 3.0.2)
      tzinfo (~> 0.3.29)
    activerecord-import (0.2.11)
      activerecord (~> 3.0)
      activerecord (~> 3.0)
    activeresource (3.2.13)
      activemodel (= 3.2.13)
      activesupport (= 3.2.13)
    activesupport (3.2.13)
      i18n (= 0.6.1)
      multi_json (~> 1.0)
    arel (3.0.2)
    authlogic (3.3.0)
      activerecord (>= 3.2)
      activesupport (>= 3.2)
    bartt-ssl_requirement (1.4.2)
    bcrypt-ruby (3.0.1)
    builder (3.0.4)
    capistrano (2.15.4)
      highline
      net-scp (>= 1.0.0)
      net-sftp (>= 2.0.0)
      net-ssh (>= 2.0.14)
      net-ssh-gateway (>= 1.1.0)
    celluloid (0.13.0)
      timers (>= 1.0.0)
    climate_control (0.0.3)
      activesupport (>= 3.0)
    cocaine (0.5.1)
      climate_control (>= 0.0.3, < 1.0)
    columnize (0.3.6)
    connection_pool (1.0.0)
    debugger (1.6.1)
      columnize (>= 0.3.1)
      debugger-linecache (~> 1.2.0)
      debugger-ruby_core_source (~> 1.2.3)
    debugger-linecache (1.2.0)
    debugger-ruby_core_source (1.2.3)
    dynamic_form (1.1.4)
    erubis (2.7.0)
    factory_girl (4.2.0)
      activesupport (>= 3.0.0)
    fitgem (0.6.1)
      oauth
    highline (1.6.18)
    hike (1.2.2)
    i18n (0.6.1)
    journey (1.0.4)
    jquery-rails (2.2.1)
      railties (>= 3.0, < 5.0)
      thor (>= 0.14, < 2.0)
    json (1.7.7)
    mail (2.5.3)
      i18n (>= 0.4.0)
      mime-types (~> 1.16)
      treetop (~> 1.4.8)
    mediawiki-gateway (0.5.1)
      activesupport
      rest-client (>= 1.3.0)
    metaclass (0.0.1)
    mime-types (1.23)
    minitest (4.3.3)
    mocha (0.13.3)
      metaclass (~> 0.0.1)
    multi_json (1.7.3)
    net-scp (1.1.0)
      net-ssh (>= 2.6.5)
    net-sftp (2.1.1)
      net-ssh (>= 2.6.5)
    net-ssh (2.6.7)
    net-ssh-gateway (1.2.0)
      net-ssh (>= 2.6.5)
    newrelic_rpm (3.6.1.88)
    nokogiri (1.5.9)
    oauth (0.4.7)
    paperclip (3.4.1)
      activemodel (>= 3.0.0)
      activerecord (>= 3.0.0)
      activesupport (>= 3.0.0)
      cocaine (~> 0.5.0)
      mime-types
    pg (0.15.1)
    polyglot (0.3.3)
    pr_geohash (1.0.0)
    rack (1.4.5)
    rack-cache (1.2)
      rack (>= 0.4)
    rack-protection (1.5.0)
      rack
    rack-ssl (1.3.3)
      rack
    rack-test (0.6.2)
      rack (>= 1.0)
    rails (3.2.13)
      actionmailer (= 3.2.13)
      actionpack (= 3.2.13)
      activerecord (= 3.2.13)
      activeresource (= 3.2.13)
      activesupport (= 3.2.13)
      bundler (~> 1.0)
      railties (= 3.2.13)
    rails3-generators (1.0.0)
      railties (>= 3.0.0)
    railties (3.2.13)
      actionpack (= 3.2.13)
      activesupport (= 3.2.13)
      rack-ssl (~> 1.3.2)
      rake (>= 0.8.7)
      rdoc (~> 3.4)
      thor (>= 0.14.6, < 2.0)
    rake (10.0.4)
    rdoc (3.12.2)
      json (~> 1.4)
    recaptcha (0.3.5)
    redis (3.0.4)
    redis-namespace (1.3.0)
      redis (~> 3.0.0)
    rest-client (1.6.7)
      mime-types (>= 1.16)
    rsolr (1.0.9)
      builder (>= 2.1.2)
    rubyzip (0.9.5)
    rvm-capistrano (1.3.0)
      capistrano (>= 2.0.0)
    sanitize (2.0.3)
      nokogiri (>= 1.4.4, < 1.6)
    shoulda-context (1.1.1)
    sidekiq (2.11.2)
      celluloid (>= 0.13.0)
      connection_pool (>= 1.0.0)
      multi_json
      redis (>= 3.0)
      redis-namespace
    sidekiq-limit_fetch (1.5)
      sidekiq (>= 2.6.5, < 3)
    simplecov (0.7.1)
      multi_json (~> 1.0)
      simplecov-html (~> 0.7.1)
    simplecov-html (0.7.1)
    sinatra (1.3.6)
      rack (~> 1.4)
      rack-protection (~> 1.3)
      tilt (~> 1.3, >= 1.3.3)
    slim (1.3.9)
      temple (~> 0.6.3)
      tilt (~> 1.3, >= 1.3.3)
    sprockets (2.2.2)
      hike (~> 1.2)
      multi_json (~> 1.0)
      rack (~> 1.0)
      tilt (~> 1.1, != 1.3.0)
    sunspot (2.0.0)
      pr_geohash (~> 1.0)
      rsolr (~> 1.0.7)
    sunspot_rails (2.0.0)
      nokogiri
      sunspot (= 2.0.0)
    sunspot_solr (2.0.0)
    temple (0.6.5)
    thor (0.18.1)
    tilt (1.4.0)
    timers (1.1.0)
    treetop (1.4.12)
      polyglot
      polyglot (>= 0.3.1)
    tzinfo (0.3.37)
    vegas (0.1.11)
      rack (>= 1.0.0)
    will_paginate (3.0.4)
    yajl-ruby (1.1.0)

PLATFORMS
  ruby

DEPENDENCIES
  activerecord-import (~> 0.2.11)
  authlogic
  bartt-ssl_requirement (~> 1.4.0)
  bcrypt-ruby
  debugger
  dynamic_form
  factory_girl
  fitgem
  friendly_id!
  jquery-rails
  json
  mediawiki-gateway
  mendeley!
  minitest (~> 4.3.2)
  mocha
  nested_form!
  newrelic_rpm
  paperclip (~> 3.0)
  pg
  rails (~> 3.2.12)
  rails3-generators
  recaptcha
  recommendify!
  rubyzip (= 0.9.5)
  rvm-capistrano
  sanitize
  shoulda-context
  sidekiq
  sidekiq-limit_fetch
  simplecov
  sinatra
  slim (~> 1.3.8)
  sunspot_rails
  sunspot_solr
  sunspot_test!
  vegas
  will_paginate
